GEM
  remote: https://rubygems.org/
  specs:
    gosu (0.14.5-x86-mingw32)
    os (1.0.1)

PLATFORMS
  x86-mingw32

DEPENDENCIES
  gosu (~> 0.14)
  os (~> 1.0)

BUNDLED WITH
   2.0.2
