PATH
  remote: .
  specs:
    game_of_life (0.1.0)

GEM
  remote: https://rubygems.org/
  specs:
    minitest (5.11.3)
    rake (10.4.2)

PLATFORMS
  x86-mingw32

DEPENDENCIES
  bundler (~> 2.0)
  game_of_life!
  minitest (~> 5.0)
  rake (~> 10.0)

BUNDLED WITH
   2.0.2
